PATH
  remote: ../..
  specs:
    sequel_tools (0.1.7)
      sequel

GEM
  remote: https://rubygems.org/
  specs:
    jdbc-postgres (42.2.14)
    pg (1.2.3)
    rake (13.0.3)
    sequel (5.44.0)

PLATFORMS
  java
  ruby

DEPENDENCIES
  jdbc-postgres
  pg
  rake
  sequel_tools!

BUNDLED WITH
   2.2.11
